GEM
  remote: http://rubygems.org/
  remote: http://spokeo:gibmegems@gems.spokeo.com/
  specs:
    builder (3.0.4)
    faraday (0.8.9)
      multipart-post (~> 1.2.0)
    geminabox (0.12.4)
      builder
      faraday
      httpclient (>= 2.2.7)
      nesty
      sinatra (>= 1.2.7)
    geminabox-jgraichen (0.12.2.4)
      builder
      httpclient-jgraichen (>= 2.2.7)
      nesty
      sinatra (>= 1.2.7)
    geminabox-rake (2.2.0)
      bundler (~> 1.3)
      geminabox-jgraichen (>= 0.12.2.4)
    httpclient (2.6.0.1)
    httpclient-jgraichen (2.3.4.2)
    multipart-post (1.2.0)
    nesty (1.0.2)
    rack (1.4.5)
    rack-protection (1.5.3)
      rack
    sinatra (1.4.5)
      rack (~> 1.4)
      rack-protection (~> 1.4)
      tilt (~> 1.3, >= 1.3.4)
    tilt (1.4.1)

PLATFORMS
  ruby

DEPENDENCIES
  geminabox (= 0.12.4)
  geminabox-jgraichen (= 0.12.2.4)
  geminabox-rake (= 2.2.0)
